PATH
  remote: ..
  specs:
    ruby-clock (2.0.0.beta5)
      method_source
      rufus-scheduler (~> 3.8)

GEM
  remote: https://rubygems.org/
  specs:
    concurrent-ruby (1.1.10)
    et-orbi (1.2.7)
      tzinfo
    fugit (1.7.1)
      et-orbi (~> 1, >= 1.2.7)
      raabro (~> 1.4)
    method_source (1.0.0)
    raabro (1.4.0)
    rufus-scheduler (3.8.2)
      fugit (~> 1.1, >= 1.1.6)
    tzinfo (2.0.5)
      concurrent-ruby (~> 1.0)

PLATFORMS
  arm64-darwin-20
  arm64-darwin-21

DEPENDENCIES
  ruby-clock!

BUNDLED WITH
   2.3.8
