PATH
  remote: .
  specs:
    ruby-clock (0.1.0)
      rufus-scheduler (>= 3.7.0)

GEM
  remote: https://rubygems.org/
  specs:
    concurrent-ruby (1.1.7)
    et-orbi (1.2.4)
      tzinfo
    fugit (1.4.1)
      et-orbi (~> 1.1, >= 1.1.8)
      raabro (~> 1.4)
    raabro (1.4.0)
    rake (12.3.3)
    rufus-scheduler (3.7.0)
      fugit (~> 1.1, >= 1.1.6)
    tzinfo (2.0.4)
      concurrent-ruby (~> 1.0)

PLATFORMS
  ruby

DEPENDENCIES
  rake (~> 12.0)
  ruby-clock!

BUNDLED WITH
   2.1.4
