PATH
  remote: .
  specs:
    ruby-clock (0.7.0)
      method_source
      posix-spawn (~> 0.3.15)
      rufus-scheduler (~> 3.8)
      terrapin (~> 0.6)

GEM
  remote: https://rubygems.org/
  specs:
    climate_control (0.2.0)
    concurrent-ruby (1.1.9)
    et-orbi (1.2.5)
      tzinfo
    fugit (1.5.2)
      et-orbi (~> 1.1, >= 1.1.8)
      raabro (~> 1.4)
    method_source (1.0.0)
    posix-spawn (0.3.15)
    raabro (1.4.0)
    rake (12.3.3)
    rufus-scheduler (3.8.0)
      fugit (~> 1.1, >= 1.1.6)
    terrapin (0.6.0)
      climate_control (>= 0.0.3, < 1.0)
    tzinfo (2.0.4)
      concurrent-ruby (~> 1.0)

PLATFORMS
  ruby

DEPENDENCIES
  rake (~> 12.0)
  ruby-clock!

BUNDLED WITH
   2.2.23
